##TITLE= Parameter file, TOPSPIN		Version 3.2
##JCAMPDX= 5.0
##DATATYPE= Parameter Values
##NPOINTS= 4	$$ modification sequence number
##ORIGIN= Bruker BioSpin GmbH
##OWNER= nmrsu
$$ 2015-12-09 13:01:58.247 +0000  chemist@ava600
$$ /opt/topspin3.2/exp/stan/nmr/par/user/whisky_satellites_2/proc
$$ process /opt/topspin3.2/prog/mod/edparproc
##$ABSF1= 1000
##$ABSF2= -1000
##$ABSG= 5
##$ABSL= 3
##$ALPHA= 0
##$AQORDER= 0
##$ASSFAC= 0
##$ASSFACI= 0
##$ASSFACX= 0
##$ASSWID= 0
##$AUNMP= <e_proc_1d>
##$AXLEFT= 0
##$AXNAME= <>
##$AXNUC= <off>
##$AXRIGHT= 0
##$AXTYPE= 0
##$AXUNIT= <>
##$AZFE= 0.1
##$AZFW= 0.5
##$BCFW= 1
##$BC_mod= 2
##$BYTORDP= 0
##$COROFFS= 0
##$CY= -3
##$DATMOD= 1
##$DC= 1
##$DFILT= <>
##$DTYPP= 0
##$ERETIC= no
##$F1P= 3.5037
##$F2P= -0.5036
##$FCOR= 0.5
##$FTSIZE= 65536
##$FT_mod= 0
##$GAMMA= 1
##$GB= 0.001
##$INTBC= 1
##$INTSCL= 1
##$ISEN= 128
##$LB= 0.2
##$LEV0= 35
##$LPBIN= 0
##$MAXI= 1e+08
##$MC2= 0
##$MEAN= 0
##$ME_mod= 0
##$MI= -1e+08
##$MddCEXP= no
##$MddCT_SP= no
##$MddF180= no
##$MddLAMBDA= 0
##$MddMEMORY= 0
##$MddMERGE= 23
##$MddNCOMP= 0
##$MddNITER= 0
##$MddNOISE= 0.8
##$MddPHASE= 0
##$MddSEED= 0
##$MddSRSIZE= 0
##$Mdd_CsALG= 0
##$Mdd_CsLAMBDA= 1
##$Mdd_CsNITER= 0
##$Mdd_CsNORM= 0
##$Mdd_CsZF= 2
##$Mdd_mod= 0
##$NCOEF= 0
##$NC_proc= 0
##$NLEV= 6
##$NOISF1= 0
##$NOISF2= 0
##$NSP= 1
##$NTH_PI= 0
##$NZP= 1
##$OFFSET= 6.145763
##$PC= 50
##$PHC0= 133.4903
##$PHC1= 0
##$PH_mod= 1
##$PKNL= yes
##$PPARMOD= 0
##$PPDIAG= 0
##$PPIPTYP= 0
##$PPMPNUM= 2147483647
##$PPRESOL= 1
##$PSCAL= 0
##$PSIGN= 2
##$PYNMP= <proc.py>
##$REVERSE= no
##$SF= 600.75
##$SI= 65536
##$SIGF1= 0
##$SIGF2= 0
##$SINO= 16
##$SIOLD= 65536
##$SPECTYP= <>
##$SREGLST= <1H.DMSO>
##$SSB= 2
##$STSI= 0
##$STSR= 0
##$SW_p= 4740.83438685208
##$SYMM= 0
##$S_DEV= 0
##$TDeff= 0
##$TDoff= 0
##$TI= <>
##$TILT= no
##$TM1= 0
##$TM2= 0
##$TOPLEV= 100
##$USERP1= <user>
##$USERP2= <user>
##$USERP3= <user>
##$USERP4= <user>
##$USERP5= <user>
##$WDW= 1
##$XDIM= 64
##$YMAX_p= 0
##$YMIN_p= 0
##END=
